GIT
  remote: git://github.com/LastStar/ft2-ruby.git
  revision: 5f5b74959711feb1d0f9b2151871087375ddffd5
  specs:
    ft2-ruby (0.1.3)

GEM
  remote: http://rubygems.org/
  specs:
    chunky_png (1.1.0)
    diff-lcs (1.1.2)
    git (1.2.5)
    jeweler (1.5.2)
      bundler (~> 1.0.0)
      git (>= 1.2.5)
      rake
    oily_png (1.0.0)
      chunky_png (~> 1.0)
    rake (0.8.7)
    rcov (0.9.9)
    rspec (2.3.0)
      rspec-core (~> 2.3.0)
      rspec-expectations (~> 2.3.0)
      rspec-mocks (~> 2.3.0)
    rspec-core (2.3.1)
    rspec-expectations (2.3.0)
      diff-lcs (~> 1.1.2)
    rspec-mocks (2.3.0)

PLATFORMS
  ruby

DEPENDENCIES
  bundler (~> 1.0.0)
  ft2-ruby!
  jeweler (~> 1.5.2)
  oily_png
  rcov
  rspec (~> 2.3.0)
